GEM
  remote: https://ruby.taobao.org/
  specs:
    builder (3.2.2)
    coderay (1.1.1)
    eeepub (0.8.1)
      builder
      rubyzip
    method_source (0.8.2)
    mini_portile2 (2.1.0)
    nokogiri (1.6.8)
      mini_portile2 (~> 2.1.0)
      pkg-config (~> 1.1.7)
    pkg-config (1.1.7)
    pry (0.10.4)
      coderay (~> 1.1.0)
      method_source (~> 0.8.1)
      slop (~> 3.4)
    pry-doc (0.9.0)
      pry (~> 0.9)
      yard (~> 0.8)
    rubyzip (1.2.0)
    slop (3.6.0)
    yard (0.9.5)
    zip-zip (0.3)
      rubyzip (>= 1.0.0)

PLATFORMS
  ruby

DEPENDENCIES
  eeepub
  nokogiri (= 1.6.8)
  pry
  pry-doc
  zip-zip

BUNDLED WITH
   1.12.5
